GEM
  remote: https://rubygems.org/
  specs:
    Ascii85 (1.1.0)
    afm (0.2.2)
    base64 (0.2.0)
    concurrent-ruby (1.2.2)
    daru (0.3)
      packable (~> 1.3.13)
    debug (1.8.0)
      irb (>= 1.5.0)
      reline (>= 0.3.1)
    dotenv (2.8.1)
    event_stream_parser (0.3.0)
    faker (3.2.2)
      i18n (>= 1.8.11, < 2)
    faraday (2.7.12)
      base64
      faraday-net_http (>= 2.0, < 3.1)
      ruby2_keywords (>= 0.0.4)
    faraday-multipart (1.0.4)
      multipart-post (~> 2)
    faraday-net_http (3.0.2)
    hashery (2.1.2)
    i18n (1.14.1)
      concurrent-ruby (~> 1.0)
    io-console (0.6.0)
    irb (1.9.1)
      rdoc
      reline (>= 0.3.8)
    matrix (0.4.2)
    multipart-post (2.3.0)
    packable (1.3.18)
    pdf-reader (2.11.0)
      Ascii85 (~> 1.0)
      afm (~> 0.2.1)
      hashery (~> 2.0)
      ruby-rc4
      ttfunk
    psych (3.3.4)
    rdoc (6.3.3)
    reline (0.4.0)
      io-console (~> 0.5)
    ruby-openai (6.2.0)
      event_stream_parser (>= 0.3.0, < 1.0.0)
      faraday (>= 1)
      faraday-multipart (>= 1)
    ruby-rc4 (0.1.5)
    ruby2_keywords (0.0.5)
    tokenizers (0.4.2-x86_64-linux)
    ttfunk (1.7.0)

PLATFORMS
  x86_64-linux

DEPENDENCIES
  daru
  debug
  dotenv
  faker
  matrix (~> 0.4.2)
  pdf-reader
  psych (~> 3.0)
  ruby-openai
  tokenizers
  tzinfo-data

RUBY VERSION
   ruby 3.0.2p107

BUNDLED WITH
   2.4.22
